PATH
  remote: source
  specs:
    dmarc-reports (0.1.0)
      mail
      sequel (>= 3.40.0)
      sqlite3 (>= 1.3.6)
      zipruby

GEM
  remote: https://rubygems.org/
  specs:
    diff-lcs (1.2.4)
    mail (2.5.4)
      mime-types (~> 1.16)
      treetop (~> 1.4.8)
    mime-types (1.23)
    nokogiri (1.5.10)
    polyglot (0.3.3)
    rack (1.5.2)
    rack-protection (1.5.0)
      rack
    rspec (2.14.0)
      rspec-core (~> 2.14.0)
      rspec-expectations (~> 2.14.0)
      rspec-mocks (~> 2.14.0)
    rspec-core (2.14.1)
    rspec-expectations (2.14.0)
      diff-lcs (>= 1.1.3, < 2.0)
    rspec-mocks (2.14.1)
    sequel (4.0.0)
    sinatra (1.4.3)
      rack (~> 1.4)
      rack-protection (~> 1.4)
      tilt (~> 1.3, >= 1.3.4)
    sqlite3 (1.3.7)
    tilt (1.4.1)
    treetop (1.4.14)
      polyglot
      polyglot (>= 0.3.1)
    zipruby (0.3.6)

PLATFORMS
  ruby

DEPENDENCIES
  dmarc-reports!
  mail
  nokogiri (~> 1.5.6)
  rspec
  sequel
  sinatra
  sqlite3
